GEM
  remote: https://rubygems.org/
  specs:
    ashton (0.1.4)
      gosu (~> 0.7)
      opengl (~> 0.9.0)
    gosu (0.8.5)
    opengl (0.9.0)

PLATFORMS
  ruby

DEPENDENCIES
  ashton
